GEM
  remote: http://rubygems.org/
  specs:
    camping (2.1.523)
      mab
      rack (>= 1.0)
    foreman (0.60.2)
      thor (>= 0.13.6)
    mab (0.0.2)
    puma (2.8.2)
      rack (>= 1.1, < 2.0)
    rack (1.4.1)
    thor (0.16.0)

PLATFORMS
  ruby

DEPENDENCIES
  bundler
  camping (= 2.1.523)
  foreman
  mab (= 0.0.2)
  puma
